PATH
  remote: .
  specs:
    ebayapi (0.20.0)
      activesupport (~> 5.1.5)
      libxml-ruby (~> 2.7.0)
      money (~> 6.0)
      rubyjedi-soap4r (~> 2.0.2.1)
      xml-mapping (> 0.9.1)

GEM
  remote: http://rubygems.org/
  specs:
    activesupport (5.1.5)
      concurrent-ruby (~> 1.0, >= 1.0.2)
      i18n (~> 0.7)
      minitest (~> 5.1)
      tzinfo (~> 1.1)
    concurrent-ruby (1.0.5)
    httpclient (2.8.3)
    i18n (0.9.5)
      concurrent-ruby (~> 1.0)
    libxml-ruby (2.7.0)
    logger-application (0.0.2)
    minitest (5.11.3)
    money (6.10.1)
      i18n (>= 0.6.4, < 1.0)
    power_assert (0.2.4)
    rake (10.4.2)
    rubyjedi-soap4r (2.0.2.1)
      httpclient (~> 2.6)
      logger-application (~> 0.0.2)
    test-unit (3.1.5)
      power_assert
    thread_safe (0.3.6)
    tzinfo (1.2.5)
      thread_safe (~> 0.1)
    xml-mapping (0.10.0)

PLATFORMS
  ruby

DEPENDENCIES
  bundler (~> 1.10)
  ebayapi!
  rake (~> 10.0)
  test-unit (~> 3.1)

BUNDLED WITH
   1.16.1
