PATH
  remote: .
  specs:
    ebayapi (0.20.0)
      activesupport (> 3.1.0)
      libxml-ruby (~> 2.7.0)
      money (~> 6.0)
      rubyjedi-soap4r (~> 2.0.2.1)
      xml-mapping (~> 0.9.1)

GEM
  remote: http://rubygems.org/
  specs:
    activesupport (4.2.6)
      i18n (~> 0.7)
      json (~> 1.7, >= 1.7.7)
      minitest (~> 5.1)
      thread_safe (~> 0.3, >= 0.3.4)
      tzinfo (~> 1.1)
    httpclient (2.8.0)
    i18n (0.7.0)
    json (1.8.3)
    libxml-ruby (2.7.0)
    logger-application (0.0.2)
    minitest (5.8.4)
    money (6.7.0)
      i18n (>= 0.6.4, <= 0.7.0)
      sixarm_ruby_unaccent (>= 1.1.1, < 2)
    power_assert (0.2.4)
    rake (10.4.2)
    rubyjedi-soap4r (2.0.2.1)
      httpclient (~> 2.6)
      logger-application (~> 0.0.2)
    sixarm_ruby_unaccent (1.1.1)
    test-unit (3.1.5)
      power_assert
    thread_safe (0.3.5)
    tzinfo (1.2.2)
      thread_safe (~> 0.1)
    xml-mapping (0.9.1)

PLATFORMS
  ruby

DEPENDENCIES
  bundler (~> 1.10)
  ebayapi!
  rake (~> 10.0)
  test-unit (~> 3.1)

BUNDLED WITH
   1.11.2
